GEM
  remote: https://rubygems.org/
  specs:
    dotenv (1.0.2)
    foreman (0.76.0)
      dotenv (~> 1.0.2)
      thor (~> 0.19.1)
    rake (10.4.2)
    thor (0.19.1)

PLATFORMS
  ruby

DEPENDENCIES
  foreman
  rake

BUNDLED WITH
   1.10.4
